GEM
  remote: https://rubygems.org/
  specs:
    rexml (3.2.6)
    ruby-graphviz (1.2.5)
      rexml

PLATFORMS
  arm64-darwin-23
  ruby

DEPENDENCIES
  ruby-graphviz

BUNDLED WITH
   2.5.1
